GEM
  remote: http://rubygems.org/
  specs:
    activemodel (3.2.3)
      activesupport (= 3.2.3)
      builder (~> 3.0.0)
    activerecord (3.2.3)
      activemodel (= 3.2.3)
      activesupport (= 3.2.3)
      arel (~> 3.0.2)
      tzinfo (~> 0.3.29)
    activesupport (3.2.3)
      i18n (~> 0.6)
      multi_json (~> 1.0)
    arel (3.0.2)
    builder (3.0.0)
    i18n (0.6.0)
    jbundler (0.0.1)
      ruby-maven (= 3.0.3.0.29.0.pre)
      thor (= 0.14.6)
    minitest (3.0.0)
    multi_json (1.3.5)
    rake (0.9.2.2)
    ruby-maven (3.0.3.0.29.0.pre)
      thor (~> 0.14.6)
    thor (0.14.6)
    tzinfo (0.3.33)

PLATFORMS
  java
  ruby

DEPENDENCIES
  activerecord
  jbundler
  minitest
  rake
