GEM
  remote: http://rubygems.org/
  specs:
    jbundler (0.0.1)
      ruby-maven (= 3.0.3.0.29.0.pre)
      thor (= 0.14.6)
    minitest (3.0.1)
    rake (0.9.2.2)
    ruby-maven (3.0.3.0.29.0.pre)
      thor (~> 0.14.6)
    thor (0.14.6)

PLATFORMS
  java
  ruby

DEPENDENCIES
  jbundler
  minitest
  rake
